PATH
  remote: .
  specs:
    compact (0.1.0)

GEM
  remote: https://rubygems.org/
  specs:
    docile (1.3.2)
    json (2.1.0)
    minitest (5.14.0)
    mocha (1.11.2)
    rake (13.0.1)
    simplecov (0.17.1)
      docile (~> 1.1)
      json (>= 1.8, < 3)
      simplecov-html (~> 0.10.0)
    simplecov-html (0.10.2)

PLATFORMS
  ruby

DEPENDENCIES
  bundler (~> 2.0)
  compact!
  minitest (~> 5.0)
  mocha (~> 1.11)
  rake (~> 13.0)
  simplecov (= 0.17.1)

BUNDLED WITH
   2.0.2
