PATH
  remote: .
  specs:
    compact (0.1.0)

GEM
  remote: https://rubygems.org/
  specs:
    docile (1.3.2)
    minitest (5.14.0)
    mocha (1.11.2)
    rake (13.0.1)
    simplecov (0.18.5)
      docile (~> 1.1)
      simplecov-html (~> 0.11)
    simplecov-html (0.12.2)

PLATFORMS
  ruby

DEPENDENCIES
  bundler (~> 2.0)
  compact!
  minitest (~> 5.0)
  mocha (~> 1.11)
  rake (~> 13.0)
  simplecov (~> 0.18)

BUNDLED WITH
   2.0.2
